GIT
  remote: https://github.com/nebulab/erb-formatter.git
  revision: f9149c1f15c41887e7d2cf03a01a0d5080e8ad01
  tag: v0.4.2
  specs:
    erb-formatter (0.4.2)
      syntax_tree (~> 5.0)

GEM
  remote: https://rubygems.org/
  specs:
    actioncable (7.0.4.2)
      actionpack (= 7.0.4.2)
      activesupport (= 7.0.4.2)
      nio4r (~> 2.0)
      websocket-driver (>= 0.6.1)
    actionmailbox (7.0.4.2)
      actionpack (= 7.0.4.2)
      activejob (= 7.0.4.2)
      activerecord (= 7.0.4.2)
      activestorage (= 7.0.4.2)
      activesupport (= 7.0.4.2)
      mail (>= 2.7.1)
      net-imap
      net-pop
      net-smtp
    actionmailer (7.0.4.2)
      actionpack (= 7.0.4.2)
      actionview (= 7.0.4.2)
      activejob (= 7.0.4.2)
      activesupport (= 7.0.4.2)
      mail (~> 2.5, >= 2.5.4)
      net-imap
      net-pop
      net-smtp
      rails-dom-testing (~> 2.0)
    actionpack (7.0.4.2)
      actionview (= 7.0.4.2)
      activesupport (= 7.0.4.2)
      rack (~> 2.0, >= 2.2.0)
      rack-test (>= 0.6.3)
      rails-dom-testing (~> 2.0)
      rails-html-sanitizer (~> 1.0, >= 1.2.0)
    actiontext (7.0.4.2)
      actionpack (= 7.0.4.2)
      actionview (= 7.0.4.2)
      activerecord (= 7.0.4.2)
      activestorage (= 7.0.4.2)
      activesupport (= 7.0.4.2)
      builder (~> 3.1)
      erubi (~> 1.4)
      globalid (>= 0.6.0)
      rails-dom-testing (~> 2.0)
      rails-html-sanitizer (~> 1.1, >= 1.2.0)
    actionview (7.0.4.2)
      activesupport (= 7.0.4.2)
      builder (~> 3.1)
      erubi (~> 1.4)
      rails-dom-testing (~> 2.0)
      rails-html-sanitizer (~> 1.1, >= 1.2.0)
    activejob (7.0.4.2)
      activesupport (= 7.0.4.2)
      globalid (>= 0.3.6)
    activemodel (7.0.4.2)
      activesupport (= 7.0.4.2)
    activerecord (7.0.4.2)
      activemodel (= 7.0.4.2)
      activesupport (= 7.0.4.2)
    activestorage (7.0.4.2)
      actionpack (= 7.0.4.2)
      activejob (= 7.0.4.2)
      activerecord (= 7.0.4.2)
      activesupport (= 7.0.4.2)
      marcel (~> 1.0)
      mini_mime (>= 1.1.0)
    activesupport (7.0.4.2)
      concurrent-ruby (~> 1.0, >= 1.0.2)
      i18n (>= 1.6, < 2)
      minitest (>= 5.1)
      tzinfo (~> 2.0)
    addressable (2.8.1)
      public_suffix (>= 2.0.2, < 6.0)
    ast (2.4.2)
    bcrypt (3.1.18)
    bindex (0.8.1)
    bootsnap (1.16.0)
      msgpack (~> 1.2)
    builder (3.2.4)
    capybara (3.38.0)
      addressable
      matrix
      mini_mime (>= 0.1.3)
      nokogiri (~> 1.8)
      rack (>= 1.6.0)
      rack-test (>= 0.6.3)
      regexp_parser (>= 1.5, < 3.0)
      xpath (~> 3.2)
    concurrent-ruby (1.2.0)
    crass (1.0.6)
    css_parser (1.14.0)
      addressable
    cuprite (0.14.3)
      capybara (~> 3.0)
      ferrum (~> 0.13.0)
    date (3.3.3)
    debug (1.7.1)
      irb (>= 1.5.0)
      reline (>= 0.3.1)
    devise (4.8.1)
      bcrypt (~> 3.0)
      orm_adapter (~> 0.1)
      railties (>= 4.1.0)
      responders
      warden (~> 1.2.3)
    docile (1.4.0)
    erubi (1.12.0)
    ferrum (0.13)
      addressable (~> 2.5)
      concurrent-ruby (~> 1.1)
      webrick (~> 1.7)
      websocket-driver (>= 0.6, < 0.8)
    ffi (1.15.5)
    globalid (1.1.0)
      activesupport (>= 5.0)
    graphiql-rails (1.8.0)
      railties
      sprockets-rails
    graphql (2.0.18)
    htmlbeautifier (1.4.2)
    htmlentities (4.3.4)
    i18n (1.12.0)
      concurrent-ruby (~> 1.0)
    importmap-rails (1.1.5)
      actionpack (>= 6.0.0)
      railties (>= 6.0.0)
    io-console (0.6.0)
    irb (1.6.3)
      reline (>= 0.3.0)
    jbuilder (2.11.5)
      actionview (>= 5.0.0)
      activesupport (>= 5.0.0)
    json (2.6.3)
    listen (3.8.0)
      rb-fsevent (~> 0.10, >= 0.10.3)
      rb-inotify (~> 0.9, >= 0.9.10)
    loofah (2.19.1)
      crass (~> 1.0.2)
      nokogiri (>= 1.5.9)
    lookbook (2.0.0.rc.1)
      activemodel
      css_parser
      htmlbeautifier (~> 1.3)
      htmlentities (~> 4.3.4)
      railties (>= 5.0)
      redcarpet (~> 3.5)
      rouge (>= 3.26, < 5.0)
      view_component (>= 2.0)
      yard (~> 0.9.25)
      zeitwerk (~> 2.5)
    mail (2.8.1)
      mini_mime (>= 0.1.1)
      net-imap
      net-pop
      net-smtp
    marcel (1.0.2)
    matrix (0.4.2)
    method_source (1.0.0)
    mini_mime (1.1.2)
    minitest (5.17.0)
    msgpack (1.6.0)
    net-imap (0.3.4)
      date
      net-protocol
    net-pop (0.1.2)
      net-protocol
    net-protocol (0.2.1)
      timeout
    net-smtp (0.3.3)
      net-protocol
    nio4r (2.5.8)
    nokogiri (1.14.1-arm64-darwin)
      racc (~> 1.4)
    nokogiri (1.14.1-x86_64-darwin)
      racc (~> 1.4)
    nokogiri (1.14.1-x86_64-linux)
      racc (~> 1.4)
    orm_adapter (0.5.0)
    parallel (1.22.1)
    parser (3.2.1.0)
      ast (~> 2.4.1)
    pg (1.4.6)
    prettier_print (1.2.1)
    public_suffix (5.0.1)
    puma (5.6.5)
      nio4r (~> 2.0)
    racc (1.6.2)
    rack (2.2.6.2)
    rack-test (2.0.2)
      rack (>= 1.3)
    rails (7.0.4.2)
      actioncable (= 7.0.4.2)
      actionmailbox (= 7.0.4.2)
      actionmailer (= 7.0.4.2)
      actionpack (= 7.0.4.2)
      actiontext (= 7.0.4.2)
      actionview (= 7.0.4.2)
      activejob (= 7.0.4.2)
      activemodel (= 7.0.4.2)
      activerecord (= 7.0.4.2)
      activestorage (= 7.0.4.2)
      activesupport (= 7.0.4.2)
      bundler (>= 1.15.0)
      railties (= 7.0.4.2)
    rails-dom-testing (2.0.3)
      activesupport (>= 4.2.0)
      nokogiri (>= 1.6)
    rails-html-sanitizer (1.5.0)
      loofah (~> 2.19, >= 2.19.1)
    railties (7.0.4.2)
      actionpack (= 7.0.4.2)
      activesupport (= 7.0.4.2)
      method_source
      rake (>= 12.2)
      thor (~> 1.0)
      zeitwerk (~> 2.5)
    rainbow (3.1.1)
    rake (13.0.6)
    rb-fsevent (0.11.2)
    rb-inotify (0.10.1)
      ffi (~> 1.0)
    redcarpet (3.6.0)
    regexp_parser (2.7.0)
    reline (0.3.2)
      io-console (~> 0.5)
    responders (3.1.0)
      actionpack (>= 5.2)
      railties (>= 5.2)
    rexml (3.2.5)
    rouge (4.1.0)
    rubocop (1.45.1)
      json (~> 2.3)
      parallel (~> 1.10)
      parser (>= 3.2.0.0)
      rainbow (>= 2.2.2, < 4.0)
      regexp_parser (>= 1.8, < 3.0)
      rexml (>= 3.2.5, < 4.0)
      rubocop-ast (>= 1.24.1, < 2.0)
      ruby-progressbar (~> 1.7)
      unicode-display_width (>= 2.4.0, < 3.0)
    rubocop-ast (1.24.1)
      parser (>= 3.1.1.0)
    rubocop-graphql (1.0.0)
      rubocop (>= 0.87, < 2)
    rubocop-rails (2.17.4)
      activesupport (>= 4.2.0)
      rack (>= 1.1)
      rubocop (>= 1.33.0, < 2.0)
    ruby-progressbar (1.11.0)
    simplecov (0.22.0)
      docile (~> 1.1)
      simplecov-html (~> 0.11)
      simplecov_json_formatter (~> 0.1)
    simplecov-html (0.12.3)
    simplecov_json_formatter (0.1.4)
    sprockets (4.2.0)
      concurrent-ruby (~> 1.0)
      rack (>= 2.2.4, < 4)
    sprockets-rails (3.4.2)
      actionpack (>= 5.2)
      activesupport (>= 5.2)
      sprockets (>= 3.0.0)
    stimulus-rails (1.2.1)
      railties (>= 6.0.0)
    syntax_tree (5.3.0)
      prettier_print (>= 1.2.0)
    tailwindcss-rails (2.0.22-arm64-darwin)
      railties (>= 6.0.0)
    tailwindcss-rails (2.0.22-x86_64-darwin)
      railties (>= 6.0.0)
    tailwindcss-rails (2.0.22-x86_64-linux)
      railties (>= 6.0.0)
    thor (1.2.1)
    timeout (0.3.2)
    turbo-rails (1.3.3)
      actionpack (>= 6.0.0)
      activejob (>= 6.0.0)
      railties (>= 6.0.0)
    tzinfo (2.0.6)
      concurrent-ruby (~> 1.0)
    unicode-display_width (2.4.2)
    view_component (2.82.0)
      activesupport (>= 5.2.0, < 8.0)
      concurrent-ruby (~> 1.0)
      method_source (~> 1.0)
    warden (1.2.9)
      rack (>= 2.0.9)
    web-console (4.2.0)
      actionview (>= 6.0.0)
      activemodel (>= 6.0.0)
      bindex (>= 0.4.0)
      railties (>= 6.0.0)
    webrick (1.8.1)
    websocket-driver (0.7.5)
      websocket-extensions (>= 0.1.0)
    websocket-extensions (0.1.5)
    xpath (3.2.0)
      nokogiri (~> 1.8)
    yard (0.9.26)
    zeitwerk (2.6.7)

PLATFORMS
  arm64-darwin-22
  x86_64-darwin-21
  x86_64-linux

DEPENDENCIES
  actioncable
  bootsnap
  capybara
  cuprite
  debug
  devise
  erb-formatter!
  graphiql-rails
  graphql
  importmap-rails
  jbuilder
  listen
  lookbook (>= 2.0.0.rc.1)
  pg
  puma (~> 5.0)
  rails (~> 7.0.4, >= 7.0.4.2)
  rubocop
  rubocop-graphql
  rubocop-rails
  simplecov
  sprockets-rails
  stimulus-rails
  tailwindcss-rails (~> 2.0)
  turbo-rails
  tzinfo-data
  view_component
  web-console

RUBY VERSION
   ruby 3.2.0p0

BUNDLED WITH
   2.4.1
